PATH
  remote: .
  specs:
    payment_dta (0.0.1)
      payment_dta

GEM
  remote: http://rubygems.org/
  specs:
    activesupport (3.1.12)
      multi_json (~> 1.0)
    diff-lcs (1.2.4)
    git (1.2.5)
    jeweler (1.8.4)
      bundler (~> 1.0)
      git (>= 1.2.5)
      rake
      rdoc
    json (1.8.0)
    multi_json (1.7.4)
    rake (10.0.4)
    rdoc (4.0.1)
      json (~> 1.4)
    rspec (2.13.0)
      rspec-core (~> 2.13.0)
      rspec-expectations (~> 2.13.0)
      rspec-mocks (~> 2.13.0)
    rspec-core (2.13.1)
    rspec-expectations (2.13.0)
      diff-lcs (>= 1.1.3, < 2.0)
    rspec-mocks (2.13.1)
    rubigen (1.5.8)
      activesupport (>= 2.3.5, < 3.2.0)
    simplecov (0.7.1)
      multi_json (~> 1.0)
      simplecov-html (~> 0.7.1)
    simplecov-html (0.7.1)

PLATFORMS
  ruby

DEPENDENCIES
  jeweler
  payment_dta!
  rake
  rspec
  rubigen
  simplecov
