PATH
  remote: .
  specs:
    payment_dta (0.0.1)

GEM
  remote: http://rubygems.org/
  specs:
    activesupport (3.1.1)
      multi_json (~> 1.0)
    i18n (0.6.0)
    multi_json (1.0.3)
    rspec (1.3.2)
    rubigen (1.5.6)
      activesupport (>= 2.3.5)
      i18n

PLATFORMS
  ruby

DEPENDENCIES
  payment_dta!
  rspec (~> 1.3.2)
  rubigen
